GEM
  remote: http://rubygems.org/
  specs:
    RedCloth (4.2.9)
    awestruct (0.4.2.x5)
      RedCloth (~> 4.2.9)
      bootstrap-sass (~> 2.0.1)
      coffee-script (~> 2.2.0)
      compass (~> 0.12.1)
      compass-960-plugin (~> 0.10.4)
      git (~> 1.2.5)
      guard
      haml (~> 3.1.4)
      hashery (~> 1.5.0)
      hpricot (~> 0.8.6)
      json (~> 1.6.6)
      nokogiri (~> 1.5.2)
      notifier (~> 0.1.4)
      org-ruby (~> 0.5.3)
      rdiscount (~> 1.6.8)
      sass (~> 3.1.15)
      versionomy (~> 0.4.3)
    blankslate (2.1.2.4)
    blockenspiel (0.4.3)
    bootstrap-sass (2.0.2)
    chunky_png (1.2.5)
    coffee-script (2.2.0)
      coffee-script-source
      execjs
    coffee-script-source (1.3.1)
    compass (0.12.1)
      chunky_png (~> 1.2)
      fssm (>= 0.2.7)
      sass (~> 3.1)
    compass-960-plugin (0.10.4)
      compass (>= 0.10.0)
    execjs (1.3.1)
      multi_json (~> 1.0)
    ffi (1.0.11)
    fssm (0.2.9)
    git (1.2.5)
    guard (1.0.2)
      ffi (>= 0.5.0)
      thor (~> 0.14.6)
    haml (3.1.4)
    hashery (1.5.0)
      blankslate
    hpricot (0.8.6)
    json (1.6.7)
    libv8 (3.3.10.4)
    multi_json (1.3.4)
    nokogiri (1.5.2)
    notifier (0.1.4)
    org-ruby (0.5.3)
      rubypants (>= 0.2.0)
    rdiscount (1.6.8)
    rubypants (0.2.0)
    sass (3.1.16)
    therubyracer (0.10.1)
      libv8 (~> 3.3.10)
    thor (0.14.6)
    versionomy (0.4.3)
      blockenspiel (>= 0.4.3)

PLATFORMS
  ruby

DEPENDENCIES
  awestruct (= 0.4.2.x5)
  therubyracer
